GEM
  remote: https://rubygems.org/
  specs:
    diff-lcs (1.5.0)
    httparty (0.13.7)
      json (~> 1.8)
      multi_xml (>= 0.5.2)
    json (1.8.6)
    multi_xml (0.6.0)
    rake (12.3.3)
    rspec (3.12.0)
      rspec-core (~> 3.12.0)
      rspec-expectations (~> 3.12.0)
      rspec-mocks (~> 3.12.0)
    rspec-core (3.12.0)
      rspec-support (~> 3.12.0)
    rspec-expectations (3.12.0)
      diff-lcs (>= 1.2.0, < 2.0)
      rspec-support (~> 3.12.0)
    rspec-mocks (3.12.0)
      diff-lcs (>= 1.2.0, < 2.0)
      rspec-support (~> 3.12.0)
    rspec-support (3.12.0)
    rubyzip (2.3.2)
    seven_zip_ruby (1.3.0)

PLATFORMS
  ruby

DEPENDENCIES
  httparty (~> 0.13.7)
  rake (~> 12.0)
  rspec (~> 3.0)
  rubyzip
  seven_zip_ruby (~> 1.2, >= 1.2.4)

BUNDLED WITH
   2.1.4
